PATH
  remote: .
  specs:
    ProMotion-iap (0.2.0)

GEM
  remote: https://rubygems.org/
  specs:
    motion-redgreen (1.0.0)
    motion-stump (0.3.2)
    rake (10.4.2)

PLATFORMS
  ruby

DEPENDENCIES
  ProMotion-iap!
  motion-redgreen (~> 1.0)
  motion-stump (~> 0.3)
  rake
